PATH
  remote: .
  specs:
    beaker (0.1.0)

GEM
  remote: http://rubygems.org/
  specs:
    kgio (2.8.0)
    kss (0.4.0)
    rack (1.5.2)
    rack-protection (1.5.0)
      rack
    raindrops (0.10.0)
    sass (3.2.7)
    sinatra (1.4.1)
      rack (~> 1.5, >= 1.5.2)
      rack-protection (~> 1.4)
      tilt (~> 1.3, >= 1.3.4)
    tilt (1.3.6)
    unicorn (4.6.2)
      kgio (~> 2.6)
      rack
      raindrops (~> 0.7)

PLATFORMS
  ruby

DEPENDENCIES
  beaker!
  kss
  sass
  sinatra
  unicorn
